GEM
  remote: https://rubygems.org/
  specs:
    net-irc (0.0.9)
    rspec-core (2.14.8)

PLATFORMS
  ruby

DEPENDENCIES
  net-irc
  rspec-core
